PATH
  remote: .
  specs:
    sports_direct (0.0.3)
      activesupport (= 3.0.3)
      httparty (= 0.6.1)
      i18n (= 0.5.0)
      nokogiri (= 1.4.4)
      tzinfo (= 0.3.23)

GEM
  remote: http://rubygems.org/
  specs:
    activesupport (3.0.3)
    addressable (2.2.2)
    crack (0.1.8)
    diff-lcs (1.1.2)
    httparty (0.6.1)
      crack (= 0.1.8)
    i18n (0.5.0)
    nokogiri (1.4.4)
    rspec (2.3.0)
      rspec-core (~> 2.3.0)
      rspec-expectations (~> 2.3.0)
      rspec-mocks (~> 2.3.0)
    rspec-core (2.3.0)
    rspec-expectations (2.3.0)
      diff-lcs (~> 1.1.2)
    rspec-mocks (2.3.0)
    tzinfo (0.3.23)
    vcr (1.4.0)
    webmock (1.6.1)
      addressable (>= 2.2.2)
      crack (>= 0.1.7)

PLATFORMS
  ruby

DEPENDENCIES
  activesupport (= 3.0.3)
  httparty (= 0.6.1)
  i18n (= 0.5.0)
  nokogiri (= 1.4.4)
  rspec (= 2.3.0)
  sports_direct!
  tzinfo (= 0.3.23)
  vcr (= 1.4.0)
  webmock (= 1.6.1)
